PATH
  remote: .
  specs:

PATH
  remote: .
  specs:
    api_mini_tester (0.1.15)
      builder (~> 3.0, >= 3.0.4)
      cz_faker (~> 0.0.5, >= 0.0.5)
      distribution (~> 0.7, >= 0.7.3)
      faker (~> 1.8, >= 1.8.7)
      hash_parser (~> 0.0, >= 0.0.2)
      httparty (~> 0.16, >= 0.16.0)
      liquid (~> 4.0, >= 4.0.0)

GEM
  remote: https://rubygems.org/
  specs:
    addressable (2.5.2)
      public_suffix (>= 2.0.2, < 4.0)
    ansi (1.5.0)
    ast (2.4.0)
    builder (3.2.3)
    concurrent-ruby (1.1.5)
    crack (0.4.3)
      safe_yaml (~> 1.0.0)
    cz_faker (0.0.5)
    distribution (0.7.3)
    docile (1.3.1)
    faker (1.9.3)
      i18n (>= 0.7)
    hash_parser (0.0.2)
      ruby_parser (~> 3.8.4)
    hashdiff (0.3.7)
    httparty (0.16.4)
      mime-types (~> 3.0)
      multi_xml (>= 0.5.2)
    i18n (1.6.0)
      concurrent-ruby (~> 1.0)
    jaro_winkler (1.5.1)
    json (2.1.0)
    liquid (4.0.3)
    mime-types (3.2.2)
      mime-types-data (~> 3.2015)
    mime-types-data (3.2018.0812)
    minitest (5.11.3)
    minitest-reporters (1.3.2)
      ansi
      builder
      minitest (>= 5.0)
      ruby-progressbar
    minitest-reporters-json_reporter (1.0.0)
      minitest-reporters (~> 1.1, >= 1.1.8)
    multi_xml (0.6.0)
    nexus (1.4.0)
    parallel (1.12.1)
    parser (2.5.1.2)
      ast (~> 2.4.0)
    powerpack (0.1.2)
    public_suffix (3.0.3)
    rainbow (3.0.0)
    rake (12.3.1)
    rubocop (0.58.2)
      jaro_winkler (~> 1.5.1)
      parallel (~> 1.10)
      parser (>= 2.5, != 2.5.1.1)
      powerpack (~> 0.1)
      rainbow (>= 2.2.2, < 4.0)
      ruby-progressbar (~> 1.7)
      unicode-display_width (~> 1.0, >= 1.0.1)
    ruby-progressbar (1.10.0)
    ruby_parser (3.8.4)
      sexp_processor (~> 4.1)
    safe_yaml (1.0.4)
    sexp_processor (4.12.0)
    simplecov (0.16.1)
      docile (~> 1.1)
      json (>= 1.8, < 3)
      simplecov-html (~> 0.10.0)
    simplecov-html (0.10.2)
    unicode-display_width (1.4.0)
    webmock (3.4.2)
      addressable (>= 2.3.6)
      crack (>= 0.3.2)
      hashdiff

PLATFORMS
  ruby

DEPENDENCIES
  api_mini_tester!
  minitest (~> 5.11, >= 5.11.3)
  minitest-reporters-json_reporter (~> 1.0, >= 1.0.0)
  nexus (~> 1.4, >= 1.4.0)
  rake
  rubocop (~> 0.58, >= 0.58.2)
  simplecov (~> 0.16, >= 0.16.1)
  webmock (~> 3.4, >= 3.4.2)

BUNDLED WITH
   2.0.1
